GIT
  remote: git://github.com/travis-ci/travis-config.git
  revision: 9bb07d1000929f244865139c48ce17875974f014
  specs:
    travis-config (0.1.0)
      hashr (~> 0.0)

GEM
  remote: https://rubygems.org/
  specs:
    hashr (0.0.22)
    puma (2.9.1)
      rack (>= 1.1, < 2.0)
    rack (1.5.2)
    rack-protection (1.5.3)
      rack
    sinatra (1.4.5)
      rack (~> 1.4)
      rack-protection (~> 1.4)
      tilt (~> 1.3, >= 1.3.4)
    tilt (1.4.1)

PLATFORMS
  ruby

DEPENDENCIES
  puma
  sinatra (~> 1.4)
  travis-config!
