GIT
  remote: https://github.com/travis-ci/travis-config
  revision: bc457b6d36119d42edf3a72e2cc13cdc770a2843
  specs:
    travis-config (1.0.12)
      hashr (~> 2.0.0)

GEM
  remote: https://rubygems.org/
  specs:
    hashr (2.0.0)
    puma (2.9.1)
      rack (>= 1.1, < 2.0)
    rack (1.5.2)
    rack-protection (1.5.3)
      rack
    sinatra (1.4.5)
      rack (~> 1.4)
      rack-protection (~> 1.4)
      tilt (~> 1.3, >= 1.3.4)
    tilt (1.4.1)

PLATFORMS
  ruby

DEPENDENCIES
  puma
  sinatra (~> 1.4)
  travis-config!

RUBY VERSION
   ruby 2.1.3p242

BUNDLED WITH
   1.13.5
